GEM
  remote: http://rubygems.org/
  specs:
    RedCloth (4.3.2)
    bluecloth (2.2.0)
    google-protobuf (3.23.4)
    haml (5.2.2)
      temple (>= 0.8.0)
      tilt
    haml-contrib (1.0.0.1)
      haml (>= 3.2.0.alpha.13)
    kramdown (2.4.0)
      rexml
    mail (2.7.1)
      mini_mime (>= 0.1.1)
    maruku (0.7.3)
    mini_mime (1.1.2)
    mustermann (3.0.0)
      ruby2_keywords (~> 0.0.1)
    nesta (0.15.0)
      RedCloth (~> 4.2)
      haml (>= 3.1, < 6.0)
      haml-contrib (>= 1.0)
      rack (~> 2)
      rake
      rdiscount (~> 2.1)
      sass-embedded (~> 1.58)
      sinatra (~> 3.0)
      tilt (~> 2.0)
    net-protocol (0.1.3)
      timeout
    net-smtp (0.3.3)
      net-protocol
    nio4r (2.5.9)
    pony (1.13.1)
      mail (>= 2.0)
    puma (6.3.0)
      nio4r (~> 2.0)
    rack (2.2.7)
    rack-protection (3.0.6)
      rack
    rake (13.0.6)
    rdiscount (2.2.7.1)
    redcarpet (3.5.1)
    rexml (3.2.5)
    ruby2_keywords (0.0.5)
    sass-embedded (1.63.6)
      google-protobuf (~> 3.23)
      rake (>= 13.0.0)
    sinatra (3.0.6)
      mustermann (~> 3.0)
      rack (~> 2.2, >= 2.2.4)
      rack-protection (= 3.0.6)
      tilt (~> 2.0)
    temple (0.10.2)
    tilt (2.0.11)
    timeout (0.3.0)

PLATFORMS
  ruby

DEPENDENCIES
  bluecloth
  kramdown
  maruku
  nesta
  net-smtp
  pony
  puma
  redcarpet
  tilt

RUBY VERSION
   ruby 3.1.2p83

BUNDLED WITH
   2.3.12
