GEM
  remote: http://rubygems.org/
  specs:
    RedCloth (4.3.2)
    bluecloth (2.2.0)
    ffi (1.15.5)
    haml (5.2.2)
      temple (>= 0.8.0)
      tilt
    haml-contrib (1.0.0.1)
      haml (>= 3.2.0.alpha.13)
    kramdown (2.4.0)
      rexml
    mail (2.7.1)
      mini_mime (>= 0.1.1)
    maruku (0.7.3)
    mini_mime (1.1.2)
    mustermann (1.1.1)
      ruby2_keywords (~> 0.0.1)
    nesta (0.12.0)
      RedCloth (~> 4.2)
      haml (>= 3.1)
      haml-contrib (>= 1.0)
      rack (~> 2.0)
      rdiscount (~> 2.1)
      sassc (>= 2.2)
      sinatra (~> 2.0)
      tilt (~> 2.0)
    net-protocol (0.1.3)
      timeout
    net-smtp (0.3.3)
      net-protocol
    nio4r (2.5.8)
    pony (1.13.1)
      mail (>= 2.0)
    puma (6.1.0)
      nio4r (~> 2.0)
    rack (2.2.4)
    rack-protection (2.2.0)
      rack
    rdiscount (2.2.0.2)
    redcarpet (3.5.1)
    rexml (3.2.5)
    ruby2_keywords (0.0.5)
    sassc (2.4.0)
      ffi (~> 1.9)
    sinatra (2.2.0)
      mustermann (~> 1.0)
      rack (~> 2.2)
      rack-protection (= 2.2.0)
      tilt (~> 2.0)
    temple (0.8.2)
    tilt (2.0.11)
    timeout (0.3.0)

PLATFORMS
  ruby

DEPENDENCIES
  bluecloth
  kramdown
  maruku
  nesta
  net-smtp
  pony
  puma
  redcarpet
  tilt

RUBY VERSION
   ruby 3.1.2p83

BUNDLED WITH
   2.3.12
