GEM
  remote: http://rubygems.org/
  specs:
    RedCloth (4.3.2)
    bluecloth (2.2.0)
    ffi (1.13.1)
    haml (5.1.2)
      temple (>= 0.8.0)
      tilt
    haml-contrib (1.0.0.1)
      haml (>= 3.2.0.alpha.13)
    kramdown (2.3.0)
      rexml
    mail (2.7.1)
      mini_mime (>= 0.1.1)
    maruku (0.7.3)
    mini_mime (1.0.2)
    mustermann (1.1.1)
      ruby2_keywords (~> 0.0.1)
    nesta (0.12.0)
      RedCloth (~> 4.2)
      haml (>= 3.1)
      haml-contrib (>= 1.0)
      rack (~> 2.0)
      rdiscount (~> 2.1)
      sassc (>= 2.2)
      sinatra (~> 2.0)
      tilt (~> 2.0)
    newrelic_rpm (6.14.0)
    pony (1.13.1)
      mail (>= 2.0)
    rack (2.2.3)
    rack-protection (2.0.8.1)
      rack
    rdiscount (2.2.0.1)
    redcarpet (3.5.1)
    rexml (3.2.4)
    ruby2_keywords (0.0.2)
    sassc (2.4.0)
      ffi (~> 1.9)
    sinatra (2.0.8.1)
      mustermann (~> 1.0)
      rack (~> 2.0)
      rack-protection (= 2.0.8.1)
      tilt (~> 2.0)
    temple (0.8.2)
    tilt (2.0.10)

PLATFORMS
  ruby

DEPENDENCIES
  bluecloth
  kramdown
  maruku
  nesta (= 0.12.0)
  newrelic_rpm
  pony (= 1.13.1)
  redcarpet
  tilt (= 2.0.10)

RUBY VERSION
   ruby 2.7.1p83

BUNDLED WITH
   2.1.4
