GIT
  remote: git://github.com/andrew/nesta.git
  revision: f5285e3a736ddec6f5cafd15a89611215baba977
  specs:
    nesta (0.9.4)
      RedCloth (~> 4.2)
      haml (~> 3.1)
      maruku (>= 0.6.0)
      sass (~> 3.1)
      shotgun (>= 0.8)
      sinatra (= 1.1.2)

GEM
  remote: http://rubygems.org/
  specs:
    RedCloth (4.2.7)
    activesupport (3.0.7)
    haml (3.1.0)
    i18n (0.5.0)
    mail (2.2.17)
      activesupport (>= 2.3.6)
      i18n (>= 0.4.0)
      mime-types (~> 1.16)
      treetop (~> 1.4.8)
    maruku (0.6.0)
      syntax (>= 1.0.0)
    mime-types (1.16)
    newrelic_rpm (2.14.1)
    polyglot (0.3.1)
    pony (1.2)
      mail (> 2.0)
    rack (1.2.2)
    sass (3.1.0)
    shotgun (0.9)
      rack (>= 1.0)
    sinatra (1.1.2)
      rack (~> 1.1)
      tilt (~> 1.2)
    syntax (1.0.0)
    tilt (1.2.2)
    treetop (1.4.9)
      polyglot (>= 0.3.1)

PLATFORMS
  ruby

DEPENDENCIES
  nesta (= 0.9.4)!
  newrelic_rpm
  pony
